NUGET
  remote: https://www.nuget.org/api/v2
    Microsoft.Web.Xdt (2.1.1)
    Pester (4.0.8)
    Unic.Bob.Keith (2.0.2)
    Unic.Bob.Rubble (3.1)
    Unic.Bob.Scratch (0.2)
    Unic.Bob.Skip (4.0.3)
    Unic.Bob.Wendy (3.0.1)
GITHUB
  remote: adoprog/Sitecore-PowerCore
    Framework/DBUtils/DBUtils.psm1 (038a01b42ea3f681fb8d05f3444d363d99f4d9ac)
GROUP chocolatey
NUGET
  remote: https://chocolatey.org/api/v2
    curl (7.28.1)
